GEM
  remote: https://rubygems.org/
  specs:
    json (2.7.2)
    rainbow (3.1.1)

PLATFORMS
  ruby
  x86_64-darwin-23

DEPENDENCIES
  json
  rainbow

BUNDLED WITH
   2.5.7
