GEM
  remote: https://rubygems.org/
  specs:
    rainbow (3.1.1)

PLATFORMS
  ruby
  x86_64-darwin-23

DEPENDENCIES
  rainbow

BUNDLED WITH
   2.5.7
